FRAMEWORK: NET462, NET45
NUGET
  remote: https://api.nuget.org/v3/index.json
    FSharp.Core (4.2.1) - framework: net45, net462
    FsXaml.Wpf (3.1.6) - framework: net45, net462
    NAudio (1.8) - framework: net45, net462
    System.ValueTuple (4.3) - framework: net45, net462
